PATH
  remote: .
  specs:
    allure-rspec (0.7.4)
      allure-ruby-adaptor-api (= 0.6.9)
      rspec (~> 3.2)

GEM
  remote: https://rubygems.org/
  specs:
    allure-ruby-adaptor-api (0.6.9)
      mimemagic
      nokogiri (~> 1.6.0)
      uuid
    diff-lcs (1.2.5)
    macaddr (1.7.1)
      systemu (~> 2.6.2)
    mimemagic (0.3.0)
    mini_portile (0.6.2)
    nokogiri (1.6.6.2)
      mini_portile (~> 0.6.0)
    rake (13.0.1)
    rspec (3.3.0)
      rspec-core (~> 3.3.0)
      rspec-expectations (~> 3.3.0)
      rspec-mocks (~> 3.3.0)
    rspec-core (3.3.2)
      rspec-support (~> 3.3.0)
    rspec-expectations (3.3.1)
      diff-lcs (>= 1.2.0, < 2.0)
      rspec-support (~> 3.3.0)
    rspec-mocks (3.3.2)
      diff-lcs (>= 1.2.0, < 2.0)
      rspec-support (~> 3.3.0)
    rspec-support (3.3.0)
    systemu (2.6.5)
    uuid (2.3.8)
      macaddr (~> 1.0)

PLATFORMS
  ruby

DEPENDENCIES
  allure-rspec!
  bundler
  rake

BUNDLED WITH
   1.10.5
