GIT
  remote: git@github.com:animoto/allure-ruby-commons.git
  revision: 8d7185610116b8dc917dd6ae21a1598ffeb1c93c
  specs:
    allure-ruby-adaptor-api (0.7.0)
      mimemagic
      nokogiri (~> 1.8)
      uuid

PATH
  remote: .
  specs:
    allure-rspec (0.5.4)
      allure-ruby-adaptor-api (= 0.7.0)
      rspec (~> 2.14.0)

GEM
  remote: https://rubygems.org/
  specs:
    diff-lcs (1.3)
    macaddr (1.7.1)
      systemu (~> 2.6.2)
    mimemagic (0.3.2)
    mini_portile2 (2.3.0)
    nokogiri (1.8.1)
      mini_portile2 (~> 2.3.0)
    rake (10.1.0)
    rspec (2.14.1)
      rspec-core (~> 2.14.0)
      rspec-expectations (~> 2.14.0)
      rspec-mocks (~> 2.14.0)
    rspec-core (2.14.8)
    rspec-expectations (2.14.5)
      diff-lcs (>= 1.1.3, < 2.0)
    rspec-mocks (2.14.6)
    systemu (2.6.5)
    uuid (2.3.8)
      macaddr (~> 1.0)

PLATFORMS
  ruby

DEPENDENCIES
  allure-rspec!
  allure-ruby-adaptor-api!
  bundler
  rake

BUNDLED WITH
   1.15.4
